GEM
  remote: https://rubygems.org/
  specs:
    concurrent-ruby (1.1.10)
    erubi (1.10.0)
    faker (2.21.0)
      i18n (>= 1.8.11, < 2)
    i18n (1.10.0)
      concurrent-ruby (~> 1.0)
    pg (1.3.5)
    rack (2.2.3)
    rack-unreloader (1.8.0)
    rake (13.0.6)
    roda (3.56.0)
      rack
    sequel (5.56.0)
    sequel_pg (1.15.0)
      pg (>= 0.18.0, != 1.2.0)
      sequel (>= 4.38.0)

PLATFORMS
  x86_64-darwin-20

DEPENDENCIES
  erubi (>= 1.5)
  faker
  rack-unreloader (>= 1.8)
  rake
  roda (>= 3.50)
  sequel (>= 5)
  sequel_pg (>= 1.8)

BUNDLED WITH
   2.3.6
